GEM
  specs:
    puma (3.6.2)

PLATFORMS
  x64-mingw32

DEPENDENCIES
  puma

BUNDLED WITH
   1.13.6
